NUGET
  remote: https://www.nuget.org/api/v2
    Extended.Wpf.Toolkit (4.2)
    gong-wpf-dragdrop (3.1.1)
    System.Windows.Interactivity.WPF (2.0.20525)
